GEM
  remote: https://rubygems.org/
  specs:
    bigdecimal (3.1.8)
    concurrent-ruby (1.2.3)
    dotenv (3.1.2)
    faker (3.3.1)
      i18n (>= 1.8.11, < 2)
    i18n (1.14.5)
      concurrent-ruby (~> 1.0)
    ruby-mysql (4.1.0)
    sequel (5.80.0)
      bigdecimal

PLATFORMS
  arm64-darwin-22

DEPENDENCIES
  dotenv
  faker
  ruby-mysql
  sequel

BUNDLED WITH
   2.3.26
